GEM
  remote: https://rubygems.org/
  specs:
    CFPropertyList (3.0.7)
      base64
      nkf
      rexml
    activesupport (8.0.2)
      base64
      benchmark (>= 0.3)
      bigdecimal
      concurrent-ruby (~> 1.0, >= 1.3.1)
      connection_pool (>= 2.2.5)
      drb
      i18n (>= 1.6, < 2)
      logger (>= 1.4.2)
      minitest (>= 5.1)
      securerandom (>= 0.3)
      tzinfo (~> 2.0, >= 2.0.5)
      uri (>= 0.13.1)
    addressable (2.8.7)
      public_suffix (>= 2.0.2, < 7.0)
    atomos (0.1.3)
    base64 (0.2.0)
    benchmark (0.4.0)
    bigdecimal (3.1.9)
    claide (1.1.0)
    claide-plugins (0.9.2)
      cork
      nap
      open4 (~> 1.3)
    clamp (1.3.2)
    colored2 (3.1.2)
    concurrent-ruby (1.3.5)
    connection_pool (2.5.0)
    cork (0.3.0)
      colored2 (~> 3.1)
    danger (9.5.1)
      base64 (~> 0.2)
      claide (~> 1.0)
      claide-plugins (>= 0.9.2)
      colored2 (~> 3.1)
      cork (~> 0.1)
      faraday (>= 0.9.0, < 3.0)
      faraday-http-cache (~> 2.0)
      git (~> 1.13)
      kramdown (~> 2.3)
      kramdown-parser-gfm (~> 1.0)
      octokit (>= 4.0)
      pstore (~> 0.1)
      terminal-table (>= 1, < 4)
    danger-swiftlint (0.37.1)
      danger
      rake (> 10)
      thor (~> 1.0.0)
    drb (2.2.1)
    faraday (2.13.0)
      faraday-net_http (>= 2.0, < 3.5)
      json
      logger
    faraday-http-cache (2.5.1)
      faraday (>= 0.8)
    faraday-net_http (3.4.0)
      net-http (>= 0.5.0)
    git (1.19.1)
      addressable (~> 2.8)
      rchardet (~> 1.8)
    i18n (1.14.7)
      concurrent-ruby (~> 1.0)
    json (2.10.2)
    kramdown (2.5.1)
      rexml (>= 3.3.9)
    kramdown-parser-gfm (1.1.0)
      kramdown (~> 2.0)
    logger (1.7.0)
    minitest (5.25.5)
    nanaimo (0.4.0)
    nap (1.1.0)
    net-http (0.6.0)
      uri
    nkf (0.2.0)
    nokogiri (1.18.7-arm64-darwin)
      racc (~> 1.4)
    octokit (9.2.0)
      faraday (>= 1, < 3)
      sawyer (~> 0.9)
    open4 (1.3.4)
    pstore (0.2.0)
    public_suffix (6.0.1)
    racc (1.8.1)
    rake (13.2.1)
    rchardet (1.9.0)
    rexml (3.4.1)
    rouge (3.28.0)
    sawyer (0.9.2)
      addressable (>= 2.3.5)
      faraday (>= 0.17.3, < 3)
    securerandom (0.4.1)
    slather (2.8.5)
      CFPropertyList (>= 2.2, < 4)
      activesupport
      clamp (~> 1.3)
      nokogiri (>= 1.14.3)
      xcodeproj (~> 1.27)
    terminal-table (3.0.2)
      unicode-display_width (>= 1.1.1, < 3)
    thor (1.0.1)
    tzinfo (2.0.6)
      concurrent-ruby (~> 1.0)
    unicode-display_width (2.6.0)
    uri (1.0.3)
    xcodeproj (1.27.0)
      CFPropertyList (>= 2.3.3, < 4.0)
      atomos (~> 0.1.3)
      claide (>= 1.0.2, < 2.0)
      colored2 (~> 3.1)
      nanaimo (~> 0.4.0)
      rexml (>= 3.3.6, < 4.0)
    xcpretty (0.4.1)
      rouge (~> 3.28.0)

PLATFORMS
  arm64-darwin-23
  arm64-darwin-24

DEPENDENCIES
  bundler
  danger
  danger-swiftlint
  slather
  xcpretty

BUNDLED WITH
   2.6.8
